GEM
  remote: https://rubygems.org/
  specs:
    arp_scan (0.1.0)
    haml (5.0.4)
      temple (>= 0.8.0)
      tilt
    json (2.1.0)
    mustermann (1.0.3)
    rack (2.0.6)
    rack-protection (2.0.4)
      rack
    sinatra (2.0.4)
      mustermann (~> 1.0)
      rack (~> 2.0)
      rack-protection (= 2.0.4)
      tilt (~> 2.0)
    temple (0.8.0)
    tilt (2.0.8)

PLATFORMS
  ruby

DEPENDENCIES
  arp_scan
  haml
  json
  sinatra

BUNDLED WITH
   1.16.1
