GEM
  remote: https://rubygems.org/
  specs:
    arp_scan (0.1.0)
    haml (4.0.6)
      tilt
    json (1.8.2)
    rack (1.6.2)
    rack-protection (2.0.0)
      rack
    sinatra (1.4.5)
      rack (~> 1.4)
      rack-protection (~> 1.4)
      tilt (~> 1.3, >= 1.3.4)
    tilt (1.4.1)

PLATFORMS
  ruby

DEPENDENCIES
  arp_scan
  haml
  json
  sinatra
