GEM
  remote: https://rubygems.org/
  specs:
    arp_scan (0.1.0)
    haml (5.1.2)
      temple (>= 0.8.0)
      tilt
    json (2.3.1)
    mustermann (1.1.1)
      ruby2_keywords (~> 0.0.1)
    rack (2.2.3)
    rack-protection (2.2.0)
      rack
    ruby2_keywords (0.0.5)
    sinatra (2.2.0)
      mustermann (~> 1.0)
      rack (~> 2.2)
      rack-protection (= 2.2.0)
      tilt (~> 2.0)
    temple (0.8.2)
    tilt (2.0.10)

PLATFORMS
  ruby

DEPENDENCIES
  arp_scan
  haml
  json
  rack (>= 2.1.4)
  sinatra

BUNDLED WITH
   2.1.4
